GEM
  remote: https://rubygems.org/
  specs:
    jekyll (4.1.1)
    jekyll-feed (0.12.1)
      jekyll (>= 3.7, < 5.0)
    jekyll-menus (0.6.0)
      jekyll (~> 3.1)
    jekyll-paginate (1.1.0)
    jekyll-paginate-v2 (1.9.4)
      jekyll (~> 3.0)

PLATFORMS
  ruby

DEPENDENCIES
  jekyll (~> 3.8.4)
  jekyll-feed
  jekyll-menus (~> 0.6.0)
  jekyll-paginate (~> 1.1)
  jekyll-paginate-v2 (~> 1.9)

BUNDLED WITH
   2.1.4
